GEM
  remote: https://rubygems.org/
  specs:
    activesupport (5.2.4.3)
      concurrent-ruby (~> 1.0, >= 1.0.2)
      i18n (>= 0.7, < 2)
      minitest (~> 5.1)
      tzinfo (~> 1.1)
    builder (3.2.4)
    coderay (1.1.3)
    concurrent-ruby (1.1.6)
    diff-lcs (1.4.4)
    docile (1.3.2)
    dotenv (2.7.6)
    everything-core (0.0.13)
      dotenv (~> 2.1)
      fastenv (= 0.0.3)
    everything-piece-find (0.7.0)
      everything-core (~> 0.0.7)
    excon (0.76.0)
    fakefs (1.2.2)
    fastenv (0.0.3)
    ffi (1.13.1)
    fog-aws (3.3.0)
      fog-core (~> 2.1)
      fog-json (~> 1.1)
      fog-xml (~> 0.1)
      ipaddress (~> 0.8)
    fog-core (2.2.0)
      builder
      excon (~> 0.71)
      formatador (~> 0.2)
      mime-types
    fog-json (1.2.0)
      fog-core
      multi_json (~> 1.10)
    fog-xml (0.1.3)
      fog-core
      nokogiri (>= 1.5.11, < 2.0.0)
    formatador (0.2.5)
    guard (2.16.2)
      formatador (>= 0.2.4)
      listen (>= 2.7, < 4.0)
      lumberjack (>= 1.0.12, < 2.0)
      nenv (~> 0.1)
      notiffany (~> 0.0)
      pry (>= 0.9.12)
      shellany (~> 0.0)
      thor (>= 0.18.1)
    guard-compat (1.2.1)
    guard-rspec (4.7.3)
      guard (~> 2.1)
      guard-compat (~> 1.1)
      rspec (>= 2.99.0, < 4.0)
    i18n (1.8.5)
      concurrent-ruby (~> 1.0)
    ipaddress (0.8.3)
    kramdown (2.3.0)
      rexml
    listen (3.2.1)
      rb-fsevent (~> 0.10, >= 0.10.3)
      rb-inotify (~> 0.9, >= 0.9.10)
    lumberjack (1.2.6)
    method_source (1.0.0)
    mime-types (3.3.1)
      mime-types-data (~> 3.2015)
    mime-types-data (3.2020.0512)
    mini_portile2 (2.8.0)
    minitest (5.14.1)
    multi_json (1.15.0)
    nenv (0.3.0)
    nokogiri (1.13.6)
      mini_portile2 (~> 2.8.0)
      racc (~> 1.4)
    notiffany (0.1.3)
      nenv (~> 0.1)
      shellany (~> 0.0)
    pry (0.13.1)
      coderay (~> 1.1)
      method_source (~> 1.0)
    racc (1.6.0)
    rake (13.0.1)
    rb-fsevent (0.10.4)
    rb-inotify (0.10.1)
      ffi (~> 1.0)
    rexml (3.2.4)
    rspec (3.6.0)
      rspec-core (~> 3.6.0)
      rspec-expectations (~> 3.6.0)
      rspec-mocks (~> 3.6.0)
    rspec-core (3.6.0)
      rspec-support (~> 3.6.0)
    rspec-expectations (3.6.0)
      diff-lcs (>= 1.2.0, < 2.0)
      rspec-support (~> 3.6.0)
    rspec-mocks (3.6.0)
      diff-lcs (>= 1.2.0, < 2.0)
      rspec-support (~> 3.6.0)
    rspec-support (3.6.0)
    shellany (0.0.1)
    simplecov (0.18.5)
      docile (~> 1.1)
      simplecov-html (~> 0.11)
    simplecov-html (0.12.2)
    thor (1.0.1)
    thread_safe (0.3.6)
    tilt (2.0.10)
    timecop (0.9.1)
    tzinfo (1.2.7)
      thread_safe (~> 0.1)

PLATFORMS
  ruby

DEPENDENCIES
  activesupport (= 5.2.4.3)
  dotenv
  everything-core (~> 0.0.13)
  everything-piece-find
  fakefs
  fastenv (~> 0.0.2)
  fog-aws (~> 3.3.0)
  guard-rspec
  kramdown
  mime-types
  rake
  rspec (~> 3.6.0)
  simplecov
  thor
  tilt
  timecop

BUNDLED WITH
   2.1.4
