GEM
  remote: https://rubygems.org/
  specs:
    dotenv (2.1.0)
    everything-core (0.0.7)
      dotenv (~> 2.1)
      fastenv (= 0.0.2)
    fastenv (0.0.2)
    kramdown (1.9.0)
    tilt (2.0.2)

PLATFORMS
  ruby

DEPENDENCIES
  dotenv
  everything-core
  fastenv
  kramdown
  tilt

BUNDLED WITH
   1.11.2
