GEM
  remote: https://rubygems.org/
  specs:
    dotenv (2.0.0)
    kramdown (1.6.0)
    tilt (2.0.1)

PLATFORMS
  ruby

DEPENDENCIES
  dotenv
  kramdown
  tilt
